GEM
  remote: https://rubygems.org/
  specs:
    actionmailer (4.0.2)
      actionpack (= 4.0.2)
      mail (~> 2.5.4)
    actionpack (4.0.2)
      activesupport (= 4.0.2)
      builder (~> 3.1.0)
      erubis (~> 2.7.0)
      rack (~> 1.5.2)
      rack-test (~> 0.6.2)
    activemodel (4.0.2)
      activesupport (= 4.0.2)
      builder (~> 3.1.0)
    activerecord (4.0.2)
      activemodel (= 4.0.2)
      activerecord-deprecated_finders (~> 1.0.2)
      activesupport (= 4.0.2)
      arel (~> 4.0.0)
    activerecord-deprecated_finders (1.0.3)
    activesupport (4.0.2)
      i18n (~> 0.6, >= 0.6.4)
      minitest (~> 4.2)
      multi_json (~> 1.3)
      thread_safe (~> 0.1)
      tzinfo (~> 0.3.37)
    addressable (2.3.5)
    api-versions (1.2.0)
      actionpack (>= 3.0)
      activesupport (>= 3.0)
    apipie-rails (0.1.1)
      json
      rails (>= 3.0.10)
    arel (4.0.2)
    atomic (1.1.15)
    bcrypt (3.1.7)
    bcrypt-ruby (3.1.5)
      bcrypt (>= 3.1.3)
    better_errors (1.1.0)
      coderay (>= 1.0.0)
      erubis (>= 2.6.6)
    binding_of_caller (0.7.2)
      debug_inspector (>= 0.0.1)
    bootstrap-sass (2.3.2.0)
      sass (~> 3.2)
    bootstrap-will_paginate (0.0.10)
      will_paginate
    builder (3.1.4)
    capistrano (2.15.5)
      highline
      net-scp (>= 1.0.0)
      net-sftp (>= 2.0.0)
      net-ssh (>= 2.0.14)
      net-ssh-gateway (>= 1.1.0)
    capistrano-ext (1.2.1)
      capistrano (>= 1.0.0)
    capistrano-unicorn (0.2.0)
      capistrano (< 3.0)
    capybara (2.2.1)
      mime-types (>= 1.16)
      nokogiri (>= 1.3.3)
      rack (>= 1.0.0)
      rack-test (>= 0.5.4)
      xpath (~> 2.0)
    coderay (1.1.0)
    coffee-rails (4.0.1)
      coffee-script (>= 2.2.0)
      railties (>= 4.0.0, < 5.0)
    coffee-script (2.2.0)
      coffee-script-source
      execjs
    coffee-script-source (1.7.0)
    cucumber (1.3.12)
      builder (>= 2.1.2)
      diff-lcs (>= 1.1.3)
      gherkin (~> 2.12)
      multi_json (>= 1.7.5, < 2.0)
      multi_test (>= 0.1.1)
    cucumber-rails (1.4.0)
      capybara (>= 1.1.2)
      cucumber (>= 1.2.0)
      nokogiri (>= 1.5.0)
      rails (>= 3.0.0)
    daemon_controller (1.2.0)
    database_cleaner (1.2.0)
    debug_inspector (0.0.2)
    devise (3.2.3)
      bcrypt-ruby (~> 3.0)
      orm_adapter (~> 0.1)
      railties (>= 3.2.6, < 5)
      thread_safe (~> 0.1)
      warden (~> 1.2.3)
    diff-lcs (1.2.5)
    email_spec (1.5.0)
      launchy (~> 2.1)
      mail (~> 2.2)
    erubis (2.7.0)
    execjs (2.0.2)
    factory_girl (4.4.0)
      activesupport (>= 3.0.0)
    factory_girl_rails (4.4.1)
      factory_girl (~> 4.4.0)
      railties (>= 3.0.0)
    faker (1.1.2)
      i18n (~> 0.5)
    figaro (0.7.0)
      bundler (~> 1.0)
      rails (>= 3, < 5)
    gherkin (2.12.2)
      multi_json (~> 1.3)
    haml (4.1.0.beta.1)
      tilt
    haml-rails (0.5.3)
      actionpack (>= 4.0.1)
      activesupport (>= 4.0.1)
      haml (>= 3.1, < 5.0)
      railties (>= 4.0.1)
    highline (1.6.21)
    hike (1.2.3)
    hpricot (0.8.6)
    html2haml (1.0.1)
      erubis (~> 2.7.0)
      haml (>= 4.0.0.rc.1)
      hpricot (~> 0.8.6)
      ruby_parser (~> 3.1.1)
    i18n (0.6.9)
    jquery-rails (3.1.0)
      railties (>= 3.0, < 5.0)
      thor (>= 0.14, < 2.0)
    json (1.8.1)
    launchy (2.4.2)
      addressable (~> 2.3)
    libv8 (3.16.14.3)
    mail (2.5.4)
      mime-types (~> 1.16)
      treetop (~> 1.4.8)
    mime-types (1.25.1)
    mini_portile (0.5.2)
    minitest (4.7.5)
    multi_json (1.9.0)
    multi_test (0.1.1)
    net-scp (1.1.2)
      net-ssh (>= 2.6.5)
    net-sftp (2.1.2)
      net-ssh (>= 2.6.5)
    net-ssh (2.8.0)
    net-ssh-gateway (1.2.0)
      net-ssh (>= 2.6.5)
    nokogiri (1.6.1)
      mini_portile (~> 0.5.0)
    orm_adapter (0.5.0)
    passenger (4.0.38)
      daemon_controller (>= 1.2.0)
      rack
      rake (>= 0.8.1)
    pg (0.17.1)
    polyglot (0.3.4)
    rack (1.5.2)
    rack-test (0.6.2)
      rack (>= 1.0)
    rails (4.0.2)
      actionmailer (= 4.0.2)
      actionpack (= 4.0.2)
      activerecord (= 4.0.2)
      activesupport (= 4.0.2)
      bundler (>= 1.3.0, < 2.0)
      railties (= 4.0.2)
      sprockets-rails (~> 2.0.0)
    rails_layout (1.0.11)
    railties (4.0.2)
      actionpack (= 4.0.2)
      activesupport (= 4.0.2)
      rake (>= 0.8.7)
      thor (>= 0.18.1, < 2.0)
    rake (10.1.1)
    ref (1.0.5)
    rspec-core (2.14.8)
    rspec-expectations (2.14.5)
      diff-lcs (>= 1.1.3, < 2.0)
    rspec-mocks (2.14.6)
    rspec-rails (2.14.1)
      actionpack (>= 3.0)
      activemodel (>= 3.0)
      activesupport (>= 3.0)
      railties (>= 3.0)
      rspec-core (~> 2.14.0)
      rspec-expectations (~> 2.14.0)
      rspec-mocks (~> 2.14.0)
    ruby_parser (3.1.3)
      sexp_processor (~> 4.1)
    rvm-capistrano (1.5.1)
      capistrano (~> 2.15.4)
    sass (3.2.15)
    sass-rails (4.0.2)
      railties (>= 4.0.0, < 5.0)
      sass (~> 3.2.0)
      sprockets (~> 2.8, <= 2.11.0)
      sprockets-rails (~> 2.0.0)
    sexp_processor (4.4.2)
    simple_form (3.0.1)
      actionpack (>= 4.0.0, < 4.1)
      activemodel (>= 4.0.0, < 4.1)
    sprockets (2.11.0)
      hike (~> 1.2)
      multi_json (~> 1.0)
      rack (~> 1.0)
      tilt (~> 1.1, != 1.3.0)
    sprockets-rails (2.0.1)
      actionpack (>= 3.0)
      activesupport (>= 3.0)
      sprockets (~> 2.8)
    sqlite3 (1.3.9)
    therubyracer (0.12.1)
      libv8 (~> 3.16.14.0)
      ref
    thor (0.18.1)
    thread_safe (0.2.0)
      atomic (>= 1.1.7, < 2)
    tilt (1.4.1)
    treetop (1.4.15)
      polyglot
      polyglot (>= 0.3.1)
    turbolinks (2.2.1)
      coffee-rails
    twitter-bootstrap-rails (2.2.8)
      actionpack (>= 3.1)
      execjs
      rails (>= 3.1)
      railties (>= 3.1)
    tzinfo (0.3.39)
    uglifier (2.5.0)
      execjs (>= 0.3.0)
      json (>= 1.8.0)
    warden (1.2.3)
      rack (>= 1.0)
    will_paginate (3.0.5)
    xpath (2.0.0)
      nokogiri (~> 1.3)

PLATFORMS
  ruby

DEPENDENCIES
  api-versions
  apipie-rails
  bcrypt-ruby
  better_errors
  binding_of_caller
  bootstrap-sass (= 2.3.2.0)
  bootstrap-will_paginate
  capistrano
  capistrano-ext
  capistrano-unicorn
  capybara
  coffee-rails
  cucumber-rails
  database_cleaner
  devise
  email_spec
  factory_girl_rails
  faker (= 1.1.2)
  figaro
  haml-rails
  html2haml
  jquery-rails
  passenger
  pg
  rails (= 4.0.2)
  rails_layout
  rspec-rails
  rvm-capistrano
  sass-rails (~> 4.0.0)
  simple_form
  sqlite3
  therubyracer
  turbolinks
  twitter-bootstrap-rails
  uglifier
  will_paginate
